GIT
  remote: git://github.com/deivid-rodriguez/byebug.git
  revision: fb2371f2865a54710e3a157bdec0ff3ccdf94e3d
  specs:
    byebug (3.5.1)
      columnize (~> 0.8)
      debugger-linecache (~> 1.2)
      slop (~> 3.6)

GEM
  remote: https://rubygems.org/
  specs:
    awesome_print (1.2.0)
    columnize (0.8.9)
    cuba (3.3.0)
      rack
    cuba-haml (1.0)
      cuba
      haml
    debugger-linecache (1.2.0)
    haml (4.0.5)
      tilt
    hiredis (0.5.2)
    msgpack (0.5.8)
    nido (0.0.1)
    ohm (2.0.1)
      msgpack
      nido
      redic
    rack (1.6.0.beta)
    rake (10.3.2)
    redic (1.1.1)
      hiredis
    sass (3.4.5)
    slop (3.6.0)
    tilt (2.0.1)

PLATFORMS
  ruby

DEPENDENCIES
  awesome_print
  byebug!
  cuba (= 3.3.0)
  cuba-haml (= 1.0)
  haml (= 4.0.5)
  ohm (= 2.0.1)
  rake
  sass (= 3.4.5)
